GIT
  remote: https://github.com/crohr/restfully
  revision: 70156cc31f1175b8a4a17c8b2bb094b8c701f1ee
  specs:
    restfully (1.1.1)
      addressable
      backports
      json (~> 1.5)
      mime-types
      rack-cache
      rb-readline
      rest-client
      rest-client-components
      ripl (= 0.6.1)
      ripl-color_streams
      ripl-multi_line
      ripl-play (~> 0.2.1)
      ripl-short_errors

PATH
  remote: .
  specs:
    xp5k (0.0.21)
      logger (~> 1.4)
      net-ssh-multi (~> 1.2)
      rake (~> 13)
      rest-client (~> 2.1)
      term-ansicolor (~> 1.3)

GEM
  remote: http://rubygems.org/
  specs:
    addressable (2.8.0)
      public_suffix (>= 2.0.2, < 5.0)
    backports (3.15.0)
    bond (0.4.3)
    domain_name (0.5.20190701)
      unf (>= 0.0.5, < 1.0.0)
    http-accept (1.7.0)
    http-cookie (1.0.3)
      domain_name (~> 0.5)
    json (1.8.6)
    logger (1.4.1)
    mime-types (3.3)
      mime-types-data (~> 3.2015)
    mime-types-data (3.2019.1009)
    net-ssh (5.2.0)
    net-ssh-gateway (2.0.0)
      net-ssh (>= 4.0.0)
    net-ssh-multi (1.2.1)
      net-ssh (>= 2.6.5)
      net-ssh-gateway (>= 1.2.0)
    netrc (0.11.0)
    public_suffix (4.0.6)
    rack (2.0.7)
    rack-cache (1.9.0)
      rack (>= 0.4)
    rake (13.0.0)
    rb-readline (0.5.5)
    rest-client (2.1.0)
      http-accept (>= 1.7.0, < 2.0)
      http-cookie (>= 1.0.2, < 2.0)
      mime-types (>= 1.16, < 4.0)
      netrc (~> 0.8)
    rest-client-components (1.5.0)
      rack (>= 1.0.1)
      rest-client (>= 1.6.0)
    ripl (0.6.1)
      bond (~> 0.4.0)
    ripl-color_streams (0.1.2)
      ripl (>= 0.2.8)
    ripl-multi_line (0.3.1)
      ripl (>= 0.3.6)
    ripl-play (0.2.1)
      ripl (>= 0.3.0)
    ripl-short_errors (0.1.0)
      ripl (>= 0.2.8)
    term-ansicolor (1.7.1)
      tins (~> 1.0)
    tins (1.21.1)
    unf (0.1.4)
      unf_ext
    unf_ext (0.0.7.6)

PLATFORMS
  ruby

DEPENDENCIES
  bundler (~> 2.0)
  restfully!
  xp5k!

BUNDLED WITH
   2.0.2
